GEM
  remote: http://rubygems.org/
  specs:
    actionmailer (2.3.9)
      actionpack (= 2.3.9)
    actionpack (2.3.9)
      activesupport (= 2.3.9)
      rack (~> 1.1.0)
    activerecord (2.3.9)
      activesupport (= 2.3.9)
    activeresource (2.3.9)
      activesupport (= 2.3.9)
    activesupport (2.3.9)
    addressable (2.2.1)
    aruba (0.2.1)
    bson (1.0.9)
    builder (2.1.2)
    capybara (0.3.9)
      culerity (>= 0.2.4)
      mime-types (>= 1.16)
      nokogiri (>= 1.3.3)
      rack (>= 1.0.0)
      rack-test (>= 0.5.4)
      selenium-webdriver (>= 0.0.3)
    columnize (0.3.1)
    cucumber (0.8.5)
      builder (~> 2.1.2)
      diff-lcs (~> 1.1.2)
      gherkin (~> 2.1.4)
      json_pure (~> 1.4.3)
      term-ansicolor (~> 1.0.4)
    cucumber-rails (0.3.2)
      cucumber (>= 0.8.0)
    culerity (0.2.12)
    data_objects (0.10.2)
      addressable (~> 2.1)
    database_cleaner (0.5.2)
    datamapper (1.0.2)
      dm-aggregates (= 1.0.2)
      dm-constraints (= 1.0.2)
      dm-core (= 1.0.2)
      dm-migrations (= 1.0.2)
      dm-serializer (= 1.0.2)
      dm-timestamps (= 1.0.2)
      dm-transactions (= 1.0.2)
      dm-types (= 1.0.2)
      dm-validations (= 1.0.2)
    diff-lcs (1.1.2)
    dm-aggregates (1.0.2)
      dm-core (~> 1.0.2)
    dm-constraints (1.0.2)
      dm-core (~> 1.0.2)
      dm-migrations (~> 1.0.2)
    dm-core (1.0.2)
      addressable (~> 2.2)
      extlib (~> 0.9.15)
    dm-do-adapter (1.0.2)
      data_objects (~> 0.10.2)
      dm-core (~> 1.0.2)
    dm-migrations (1.0.2)
      dm-core (~> 1.0.2)
    dm-serializer (1.0.2)
      dm-core (~> 1.0.2)
      fastercsv (~> 1.5.3)
      json_pure (~> 1.4)
    dm-sqlite-adapter (1.0.2)
      dm-do-adapter (~> 1.0.2)
      do_sqlite3 (~> 0.10.2)
    dm-timestamps (1.0.2)
      dm-core (~> 1.0.2)
    dm-transactions (1.0.2)
      dm-core (~> 1.0.2)
    dm-types (1.0.2)
      dm-core (~> 1.0.2)
      fastercsv (~> 1.5.3)
      json_pure (~> 1.4)
      stringex (~> 1.1.0)
      uuidtools (~> 2.1.1)
    dm-validations (1.0.2)
      dm-core (~> 1.0.2)
    do_sqlite3 (0.10.2)
      data_objects (= 0.10.2)
    durran-validatable (2.0.1)
    extlib (0.9.15)
    factory_girl (1.3.2)
    fastercsv (1.5.3)
    ffi (0.6.3)
      rake (>= 0.8.7)
    gemcutter (0.6.1)
    gherkin (2.1.5)
      trollop (~> 1.16.2)
    git (1.2.5)
    jeweler (1.4.0)
      gemcutter (>= 0.1.0)
      git (>= 1.2.5)
      rubyforge (>= 2.0.0)
    json_pure (1.4.6)
    linecache (0.43)
    machinist (1.0.6)
    machinist_mongo (1.1.1)
      machinist (~> 1.0.4)
    mime-types (1.16)
    mongo (1.0.9)
      bson (>= 1.0.5)
    mongoid (1.9.2)
      activesupport (< 3.0.0)
      bson (~> 1.0.1)
      durran-validatable (>= 2.0.1)
      mongo (~> 1.0.1)
      will_paginate (< 2.9)
    nokogiri (1.4.3.1)
    rack (1.1.0)
    rack-test (0.5.6)
      rack (>= 1.0)
    rails (2.3.9)
      actionmailer (= 2.3.9)
      actionpack (= 2.3.9)
      activerecord (= 2.3.9)
      activeresource (= 2.3.9)
      activesupport (= 2.3.9)
      rake (>= 0.8.3)
    rake (0.8.7)
    rcov (0.9.9)
    rspec (1.3.0)
    rspec-rails (1.3.2)
      rack (>= 1.0.0)
      rspec (>= 1.3.0)
    ruby-debug (0.10.3)
      columnize (>= 0.1)
      ruby-debug-base (~> 0.10.3.0)
    ruby-debug-base (0.10.3)
      linecache (>= 0.3)
    rubyforge (2.0.4)
      json_pure (>= 1.1.7)
    rubyzip (0.9.4)
    selenium-webdriver (0.0.28)
      ffi (>= 0.6.1)
      json_pure
      rubyzip
    sqlite3-ruby (1.3.1)
    stringex (1.1.0)
    term-ansicolor (1.0.5)
    trollop (1.16.2)
    uuidtools (2.1.1)
    webrat (0.7.1)
      nokogiri (>= 1.2.0)
      rack (>= 1.0)
      rack-test (>= 0.5.3)
    will_paginate (2.3.15)
    yard (0.6.1)

PLATFORMS
  ruby

DEPENDENCIES
  aruba
  capybara
  cucumber (~> 0.8.5)
  cucumber-rails (~> 0.3.2)
  database_cleaner
  datamapper
  dm-sqlite-adapter
  factory_girl
  jeweler
  machinist
  machinist_mongo
  mongoid (~> 1.9.2)
  rack (~> 1.1.0)
  rails (~> 2.3.9)
  rake
  rcov
  rspec (~> 1.3.0)
  rspec-rails (~> 1.3.2)
  ruby-debug
  sqlite3-ruby
  webrat
  yard
